GEM
  remote: https://rubygems.org/
  specs:
    childprocess (0.9.0)
      ffi (~> 1.0, >= 1.0.11)
    dotenv (2.6.0)
    ffi (1.10.0)
    rubyzip (1.2.2)
    selenium-webdriver (3.141.0)
      childprocess (~> 0.5)
      rubyzip (~> 1.2, >= 1.2.2)

PLATFORMS
  ruby

DEPENDENCIES
  dotenv (~> 2.6)
  selenium-webdriver (~> 3.141)

RUBY VERSION
   ruby 2.5.1p57

BUNDLED WITH
   1.16.5
